GIT
  remote: git://github.com/libgit2/rugged.git
  revision: 5c47d3d2751a4cfd88ae6bb94f1e200308bfc53f
  submodules: true
  specs:
    rugged (0.26.0)

GEM
  remote: https://rubygems.org/
  specs:

PLATFORMS
  ruby

DEPENDENCIES
  rugged!

BUNDLED WITH
   1.10.6
